GEM
  remote: https://rubygems.org/
  specs:
    addressable (2.5.2)
      public_suffix (>= 2.0.2, < 4.0)
    coderay (1.1.2)
    diff-lcs (1.3)
    equatable (0.5.0)
    faraday (0.13.1)
      multipart-post (>= 1.2, < 3)
    hitimes (1.2.6)
    method_source (0.9.0)
    multipart-post (2.0.0)
    necromancer (0.4.0)
    octokit (4.7.0)
      sawyer (~> 0.8.0, >= 0.5.3)
    pastel (0.7.1)
      equatable (~> 0.5.0)
      tty-color (~> 0.4.0)
    pry (0.11.1)
      coderay (~> 1.1.0)
      method_source (~> 0.9.0)
    psych (2.2.2)
    public_suffix (3.0.0)
    rake (12.1.0)
    rspec (3.6.0)
      rspec-core (~> 3.6.0)
      rspec-expectations (~> 3.6.0)
      rspec-mocks (~> 3.6.0)
    rspec-core (3.6.0)
      rspec-support (~> 3.6.0)
    rspec-expectations (3.6.0)
      diff-lcs (>= 1.2.0, < 2.0)
      rspec-support (~> 3.6.0)
    rspec-mocks (3.6.0)
      diff-lcs (>= 1.2.0, < 2.0)
      rspec-support (~> 3.6.0)
    rspec-support (3.6.0)
    sawyer (0.8.1)
      addressable (>= 2.3.5, < 2.6)
      faraday (~> 0.8, < 1.0)
    timers (4.1.2)
      hitimes
    tty-color (0.4.2)
    tty-command (0.6.0)
      pastel (~> 0.7.0)
    tty-cursor (0.5.0)
    tty-progressbar (0.12.2)
      tty-cursor (~> 0.5.0)
      tty-screen (~> 0.5.0)
    tty-prompt (0.13.2)
      necromancer (~> 0.4.0)
      pastel (~> 0.7.0)
      timers (~> 4.1.2)
      tty-cursor (~> 0.5.0)
      tty-reader (~> 0.1.0)
    tty-reader (0.1.0)
      wisper (~> 2.0.0)
    tty-screen (0.5.0)
    tty-spinner (0.7.0)
      tty-cursor (>= 0.5.0)
    wisper (2.0.0)

PLATFORMS
  ruby

DEPENDENCIES
  octokit
  pastel
  pry
  psych
  rake
  rspec
  tty-command
  tty-progressbar
  tty-prompt
  tty-spinner

RUBY VERSION
   ruby 2.4.0p0

BUNDLED WITH
   1.15.4
